GEM
  remote: https://rubygems.org/
  specs:
    byebug (11.1.3)
    coderay (1.1.3)
    concurrent-ruby (1.2.2)
    connection_pool (2.3.0)
    foreman (0.87.2)
    method_source (1.0.0)
    pry (0.14.2)
      coderay (~> 1.1)
      method_source (~> 1.0)
    rack (3.0.4.1)
    redis-client (0.12.2)
      connection_pool
    sidekiq (7.0.6)
      concurrent-ruby (< 2)
      connection_pool (>= 2.3.0)
      rack (>= 2.2.4)
      redis-client (>= 0.11.0)

PLATFORMS
  arm64-darwin-22

DEPENDENCIES
  byebug
  foreman
  pry
  sidekiq

BUNDLED WITH
   2.3.26
