GEM
  remote: https://rubygems.org/
  specs:
    concurrent-ruby (1.2.2)
    connection_pool (2.3.0)
    foreman (0.87.2)
    rack (3.0.4.1)
    redis-client (0.12.2)
      connection_pool
    sidekiq (7.0.6)
      concurrent-ruby (< 2)
      connection_pool (>= 2.3.0)
      rack (>= 2.2.4)
      redis-client (>= 0.11.0)

PLATFORMS
  arm64-darwin-22

DEPENDENCIES
  foreman
  sidekiq

BUNDLED WITH
   2.3.26
